GEM
  remote: https://rubygems.org/
  specs:
    block-is-array (0.0.2)
    chroma (0.2.0)
    docopt (0.6.1)
    mini_portile2 (2.3.0)
    nokogiri (1.8.2)
      mini_portile2 (~> 2.3.0)
    xml-dsl (0.0.5)
      block-is-array (~> 0)
      nokogiri (~> 1)

PLATFORMS
  ruby

DEPENDENCIES
  chroma
  docopt
  xml-dsl

BUNDLED WITH
   1.16.1
